GEM
  remote: https://rubygems.org/
  specs:
    ansi (1.5.0)
    ast (2.4.1)
    diff-lcs (1.4.4)
    hashie (4.1.0)
    itamae (1.10.10)
      ansi
      hashie
      schash (~> 0.1.0)
      specinfra (>= 2.64.0, < 3.0.0)
      thor
    itamae-plugin-resource-encrypted_remote_file (0.0.2)
      itamae (>= 1.2)
      reversible_cryptography
    multi_json (1.15.0)
    net-scp (3.0.0)
      net-ssh (>= 2.6.5, < 7.0.0)
    net-ssh (6.1.0)
    net-telnet (0.1.1)
    parallel (1.19.2)
    parser (2.7.1.4)
      ast (~> 2.4.1)
    rainbow (3.0.0)
    regexp_parser (1.7.1)
    reversible_cryptography (0.5.0)
      thor
    rexml (3.2.4)
    rspec (3.9.0)
      rspec-core (~> 3.9.0)
      rspec-expectations (~> 3.9.0)
      rspec-mocks (~> 3.9.0)
    rspec-core (3.9.2)
      rspec-support (~> 3.9.3)
    rspec-expectations (3.9.2)
      diff-lcs (>= 1.2.0, < 2.0)
      rspec-support (~> 3.9.0)
    rspec-its (1.3.0)
      rspec-core (>= 3.0.0)
      rspec-expectations (>= 3.0.0)
    rspec-mocks (3.9.1)
      diff-lcs (>= 1.2.0, < 2.0)
      rspec-support (~> 3.9.0)
    rspec-support (3.9.3)
    rubocop (0.88.0)
      parallel (~> 1.10)
      parser (>= 2.7.1.1)
      rainbow (>= 2.2.2, < 4.0)
      regexp_parser (>= 1.7)
      rexml
      rubocop-ast (>= 0.1.0, < 1.0)
      ruby-progressbar (~> 1.7)
      unicode-display_width (>= 1.4.0, < 2.0)
    rubocop-ast (0.1.0)
      parser (>= 2.7.0.1)
    ruby-progressbar (1.10.1)
    schash (0.1.2)
    serverspec (2.41.5)
      multi_json
      rspec (~> 3.0)
      rspec-its
      specinfra (~> 2.72)
    sfl (2.3)
    specinfra (2.82.18)
      net-scp
      net-ssh (>= 2.7)
      net-telnet (= 0.1.1)
      sfl
    thor (1.0.1)
    unicode-display_width (1.7.0)

PLATFORMS
  ruby

DEPENDENCIES
  itamae
  itamae-plugin-resource-encrypted_remote_file
  reversible_cryptography
  rubocop
  serverspec

BUNDLED WITH
   2.1.4
